GIT
  remote: https://github.com/awesome-print/awesome_print
  revision: 4564fd74721562cbef2443f7d97109bf9192343d
  specs:
    awesome_print (1.8.0)

GIT
  remote: https://github.com/miry/rubyzip
  revision: 18ea47a76d062885593e0fac20129b3138837daf
  branch: enable-frozen-builds
  specs:
    rubyzip (1.2.1)

GEM
  remote: https://rubygems.org/
  specs:
    addressable (2.6.0)
      public_suffix (>= 2.0.2, < 4.0)
    ast (2.4.0)
    docile (1.3.1)
    down (4.8.0)
      addressable (~> 2.5)
    jaro_winkler (1.5.2)
    json (2.1.0)
    minitest (5.11.3)
    oj (3.7.8)
    ougai (1.7.1)
      oj (~> 3.4)
    parallel (1.13.0)
    parser (2.6.0.0)
      ast (~> 2.4.0)
    powerpack (0.1.2)
    public_suffix (3.0.3)
    rainbow (3.0.0)
    rake (12.3.2)
    rubocop (0.63.1)
      jaro_winkler (~> 1.5.1)
      parallel (~> 1.10)
      parser (>= 2.5, != 2.5.1.1)
      powerpack (~> 0.1)
      rainbow (>= 2.2.2, < 4.0)
      ruby-progressbar (~> 1.7)
      unicode-display_width (~> 1.4.0)
    ruby-progressbar (1.10.0)
    simplecov (0.16.1)
      docile (~> 1.1)
      json (>= 1.8, < 3)
      simplecov-html (~> 0.10.0)
    simplecov-html (0.10.2)
    unicode-display_width (1.4.1)

PLATFORMS
  ruby

DEPENDENCIES
  awesome_print!
  down
  minitest
  ougai
  rake
  rubocop
  rubyzip!
  simplecov

RUBY VERSION
   ruby 2.6.0p-1

BUNDLED WITH
   1.17.2
